GEM
  specs:
    activesupport (4.2.4)
      i18n (~> 0.7)
      json (~> 1.7, >= 1.7.7)
      minitest (~> 5.1)
      thread_safe (~> 0.3, >= 0.3.4)
      tzinfo (~> 1.1)
    aws-sdk (2.1.23)
      aws-sdk-resources (= 2.1.23)
    aws-sdk-core (2.1.23)
      jmespath (~> 1.0)
    aws-sdk-resources (2.1.23)
      aws-sdk-core (= 2.1.23)
    awspec (0.14.1)
      activesupport
      aws-sdk (~> 2.1.20)
      rspec (~> 3.0)
      rspec-its
      thor
    diff-lcs (1.2.5)
    i18n (0.7.0)
    jmespath (1.1.3)
    json (1.8.3)
    minitest (5.8.1)
    rspec (3.3.0)
      rspec-core (~> 3.3.0)
      rspec-expectations (~> 3.3.0)
      rspec-mocks (~> 3.3.0)
    rspec-core (3.3.2)
      rspec-support (~> 3.3.0)
    rspec-expectations (3.3.1)
      diff-lcs (>= 1.2.0, < 2.0)
      rspec-support (~> 3.3.0)
    rspec-its (1.2.0)
      rspec-core (>= 3.0.0)
      rspec-expectations (>= 3.0.0)
    rspec-mocks (3.3.2)
      diff-lcs (>= 1.2.0, < 2.0)
      rspec-support (~> 3.3.0)
    rspec-support (3.3.0)
    thor (0.19.1)
    thread_safe (0.3.5)
    tzinfo (1.2.2)
      thread_safe (~> 0.1)

PLATFORMS
  ruby

DEPENDENCIES
  awspec

BUNDLED WITH
   1.10.6
